GEM
  remote: https://rubygems.org/
  specs:
    activemodel (3.2.13)
      activesupport (= 3.2.13)
      builder (~> 3.0.0)
    activesupport (3.2.13)
      i18n (= 0.6.1)
      multi_json (~> 1.0)
    addressable (2.2.8)
    af (0.3.18.12)
      addressable (~> 2.2.6)
      interact (~> 0.4.0)
      json_pure (>= 1.5.1, < 1.7.0)
      rb-readline (~> 0.4.2)
      rest-client (>= 1.6.1, < 1.7.0)
      rubyzip (~> 0.9.4)
      terminal-table (~> 1.4.2)
      uuidtools (~> 2.1.0)
    builder (3.0.4)
    capybara (2.1.0)
      mime-types (>= 1.16)
      nokogiri (>= 1.3.3)
      rack (>= 1.0.0)
      rack-test (>= 0.5.4)
      xpath (~> 2.0)
    coderay (1.0.9)
    cucumber (1.3.4)
      builder (>= 2.1.2)
      diff-lcs (>= 1.1.3)
      gherkin (~> 2.12.0)
      multi_json (~> 1.7.5)
      multi_test (~> 0.0.1)
    daemons (1.1.9)
    diff-lcs (1.1.3)
    eventmachine (1.0.3)
    factory_girl (4.2.0)
      activesupport (>= 3.0.0)
    formatador (0.2.4)
    gherkin (2.12.0)
      multi_json (~> 1.3)
    guard (1.7.0)
      formatador (>= 0.2.4)
      listen (>= 0.6.0)
      lumberjack (>= 1.0.2)
      pry (>= 0.9.10)
      thor (>= 0.14.6)
    guard-rspec (2.4.0)
      guard (>= 1.1)
      rspec (~> 2.11)
    i18n (0.6.1)
    interact (0.4.8)
    json_pure (1.6.8)
    listen (0.7.3)
    lumberjack (1.0.4)
    method_source (0.8.1)
    mime-types (1.23)
    mini_portile (0.5.1)
    mongoid (3.0.23)
      activemodel (~> 3.1)
      moped (~> 1.2)
      origin (~> 1.0)
      tzinfo (~> 0.3.22)
    moped (1.5.0)
    multi_json (1.7.7)
    multi_test (0.0.1)
    nokogiri (1.6.0)
      mini_portile (~> 0.5.0)
    origin (1.1.0)
    pry (0.9.12.2)
      coderay (~> 1.0.5)
      method_source (~> 0.8)
      slop (~> 3.4)
    r18n-core (1.1.4)
    rack (1.5.2)
    rack-protection (1.5.0)
      rack
    rack-test (0.6.2)
      rack (>= 1.0)
    rb-fsevent (0.9.1)
    rb-readline (0.4.2)
    redis (3.0.2)
    rest-client (1.6.7)
      mime-types (>= 1.16)
    rspec (2.12.0)
      rspec-core (~> 2.12.0)
      rspec-expectations (~> 2.12.0)
      rspec-mocks (~> 2.12.0)
    rspec-core (2.12.2)
    rspec-expectations (2.12.1)
      diff-lcs (~> 1.1.3)
    rspec-mocks (2.12.2)
    rubyzip (0.9.9)
    shotgun (0.9)
      rack (>= 1.0)
    sinatra (1.3.4)
      rack (~> 1.4)
      rack-protection (~> 1.3)
      tilt (~> 1.3, >= 1.3.3)
    sinatra-flash (0.3.0)
      sinatra (>= 1.0.0)
    sinatra-r18n (1.1.4)
      r18n-core (= 1.1.4)
      sinatra (>= 1.3)
    sinatra-redirect-with-flash (0.2.0)
      sinatra (>= 1.0.0)
    slop (3.4.5)
    terminal-table (1.4.5)
    thin (1.5.1)
      daemons (>= 1.0.9)
      eventmachine (>= 0.12.6)
      rack (>= 1.0.0)
    thor (0.18.1)
    tilt (1.4.1)
    tzinfo (0.3.37)
    uuidtools (2.1.4)
    xpath (2.0.0)
      nokogiri (~> 1.3)

PLATFORMS
  ruby

DEPENDENCIES
  af
  capybara
  cucumber
  factory_girl (= 4.2.0)
  guard-rspec (= 2.4.0)
  mongoid (~> 3.0.0)
  pry
  rb-fsevent (= 0.9.1)
  redis (= 3.0.2)
  rspec (= 2.12.0)
  shotgun (= 0.9)
  sinatra (= 1.3.4)
  sinatra-flash
  sinatra-r18n (= 1.1.4)
  sinatra-redirect-with-flash
  thin
